NUGET
  remote: https://api.nuget.org/v3/index.json
    EntityFrameworkCore.FSharp (6.0.7)
      FSharp.Core (>= 6.0.1) - restriction: >= net6.0
      Microsoft.EntityFrameworkCore.Design (>= 6.0) - restriction: >= net6.0
    FSharp.Core (7.0)
    Humanizer.Core (2.14.1) - restriction: >= net6.0
    Microsoft.Data.Sqlite.Core (7.0) - restriction: >= net6.0
      SQLitePCLRaw.core (>= 2.1.2) - restriction: >= netstandard2.0
    Microsoft.EntityFrameworkCore (7.0) - restriction: >= net6.0
      Microsoft.EntityFrameworkCore.Abstractions (>= 7.0) - restriction: >= net6.0
      Microsoft.EntityFrameworkCore.Analyzers (>= 7.0) - restriction: >= net6.0
      Microsoft.Extensions.Caching.Memory (>= 7.0) - restriction: >= net6.0
      Microsoft.Extensions.DependencyInjection (>= 7.0) - restriction: >= net6.0
      Microsoft.Extensions.Logging (>= 7.0) - restriction: >= net6.0
    Microsoft.EntityFrameworkCore.Abstractions (7.0) - restriction: >= net6.0
    Microsoft.EntityFrameworkCore.Analyzers (7.0) - restriction: >= net6.0
    Microsoft.EntityFrameworkCore.Design (7.0) - restriction: >= net6.0
      Humanizer.Core (>= 2.14.1) - restriction: >= net6.0
      Microsoft.EntityFrameworkCore.Relational (>= 7.0) - restriction: >= net6.0
      Microsoft.Extensions.DependencyModel (>= 7.0) - restriction: >= net6.0
      Mono.TextTemplating (>= 2.2.1) - restriction: >= net6.0
    Microsoft.EntityFrameworkCore.Relational (7.0) - restriction: >= net6.0
      Microsoft.EntityFrameworkCore (>= 7.0) - restriction: >= net6.0
      Microsoft.Extensions.Configuration.Abstractions (>= 7.0) - restriction: >= net6.0
    Microsoft.EntityFrameworkCore.Sqlite (7.0)
      Microsoft.EntityFrameworkCore.Sqlite.Core (>= 7.0) - restriction: >= net6.0
      SQLitePCLRaw.bundle_e_sqlite3 (>= 2.1.2) - restriction: >= net6.0
    Microsoft.EntityFrameworkCore.Sqlite.Core (7.0) - restriction: >= net6.0
      Microsoft.Data.Sqlite.Core (>= 7.0) - restriction: >= net6.0
      Microsoft.EntityFrameworkCore.Relational (>= 7.0) - restriction: >= net6.0
      Microsoft.Extensions.DependencyModel (>= 7.0) - restriction: >= net6.0
    Microsoft.Extensions.Caching.Abstractions (7.0) - restriction: >= net6.0
      Microsoft.Extensions.Primitives (>= 7.0) - restriction: || (>= net462) (>= netstandard2.0)
    Microsoft.Extensions.Caching.Memory (7.0) - restriction: >= net6.0
      Microsoft.Extensions.Caching.Abstractions (>= 7.0) - restriction: || (>= net462) (>= netstandard2.0)
      Microsoft.Extensions.DependencyInjection.Abstractions (>= 7.0) - restriction: || (>= net462) (>= netstandard2.0)
      Microsoft.Extensions.Logging.Abstractions (>= 7.0) - restriction: || (>= net462) (>= netstandard2.0)
      Microsoft.Extensions.Options (>= 7.0) - restriction: || (>= net462) (>= netstandard2.0)
      Microsoft.Extensions.Primitives (>= 7.0) - restriction: || (>= net462) (>= netstandard2.0)
    Microsoft.Extensions.Configuration.Abstractions (7.0) - restriction: >= net6.0
      Microsoft.Extensions.Primitives (>= 7.0) - restriction: || (>= net462) (>= netstandard2.0)
    Microsoft.Extensions.DependencyInjection (7.0) - restriction: >= net6.0
      Microsoft.Extensions.DependencyInjection.Abstractions (>= 7.0) - restriction: || (>= net462) (>= netstandard2.0)
    Microsoft.Extensions.DependencyInjection.Abstractions (7.0) - restriction: >= net6.0
    Microsoft.Extensions.DependencyModel (7.0) - restriction: >= net6.0
      System.Text.Encodings.Web (>= 7.0) - restriction: || (>= net462) (>= netstandard2.0)
      System.Text.Json (>= 7.0) - restriction: || (>= net462) (>= netstandard2.0)
    Microsoft.Extensions.Logging (7.0) - restriction: >= net6.0
      Microsoft.Extensions.DependencyInjection (>= 7.0) - restriction: || (>= net462) (>= netstandard2.0)
      Microsoft.Extensions.DependencyInjection.Abstractions (>= 7.0) - restriction: || (>= net462) (>= netstandard2.0)
      Microsoft.Extensions.Logging.Abstractions (>= 7.0) - restriction: || (>= net462) (>= netstandard2.0)
      Microsoft.Extensions.Options (>= 7.0) - restriction: || (>= net462) (>= netstandard2.0)
    Microsoft.Extensions.Logging.Abstractions (7.0) - restriction: >= net6.0
    Microsoft.Extensions.Options (7.0) - restriction: >= net6.0
      Microsoft.Extensions.DependencyInjection.Abstractions (>= 7.0) - restriction: || (>= net462) (>= netstandard2.0)
      Microsoft.Extensions.Primitives (>= 7.0) - restriction: || (>= net462) (>= netstandard2.0)
    Microsoft.Extensions.Primitives (7.0) - restriction: >= net6.0
      System.Runtime.CompilerServices.Unsafe (>= 6.0) - restriction: || (>= net462) (&& (>= net6.0) (< net7.0)) (&& (< net6.0) (>= netstandard2.0))
    Mono.TextTemplating (2.3.1) - restriction: >= net6.0
      System.CodeDom (>= 5.0) - restriction: || (&& (< net472) (>= netstandard2.0)) (>= netcoreapp2.1)
    SQLitePCLRaw.bundle_e_sqlite3 (2.1.2) - restriction: >= net6.0
      SQLitePCLRaw.lib.e_sqlite3 (>= 2.1.2) - restriction: || (&& (< monoandroid9.0) (< net6.0-tvos) (>= netstandard2.0) (< xamarinios)) (>= net461) (>= net6.0-ios)
      SQLitePCLRaw.lib.e_sqlite3.android (>= 2.1.2) - restriction: >= monoandroid9.0
      SQLitePCLRaw.lib.e_sqlite3.ios (>= 2.1.2) - restriction: >= xamarinios
      SQLitePCLRaw.lib.e_sqlite3.tvos (>= 2.1.2) - restriction: >= net6.0-tvos
      SQLitePCLRaw.provider.e_sqlite3 (>= 2.1.2) - restriction: || (>= monoandroid9.0) (&& (< net461) (< net6.0-tvos) (>= netstandard2.0) (< xamarinios)) (>= net6.0-ios)
      SQLitePCLRaw.provider.internal (>= 2.1.2) - restriction: || (>= net6.0-tvos) (>= xamarinios)
      System.Runtime.InteropServices.NFloat.Internal (>= 6.0.1) - restriction: || (>= net6.0-ios) (>= net6.0-tvos)
    SQLitePCLRaw.core (2.1.2) - restriction: >= net6.0
      System.Memory (>= 4.5.3) - restriction: >= netstandard2.0
    SQLitePCLRaw.lib.e_sqlite3 (2.1.2) - restriction: || (&& (< monoandroid9.0) (>= net6.0) (< net6.0-tvos) (< xamarinios)) (&& (>= net461) (>= net6.0)) (>= net6.0-ios)
    SQLitePCLRaw.lib.e_sqlite3.android (2.1.2) - restriction: && (>= monoandroid9.0) (>= net6.0)
    SQLitePCLRaw.lib.e_sqlite3.ios (2.1.2) - restriction: && (>= net6.0) (>= xamarinios)
      System.Runtime.InteropServices.NFloat.Internal (>= 6.0.1) - restriction: >= net6.0-ios
    SQLitePCLRaw.lib.e_sqlite3.tvos (2.1.2) - restriction: >= net6.0-tvos
      System.Runtime.InteropServices.NFloat.Internal (>= 6.0.1) - restriction: >= net6.0-tvos
    SQLitePCLRaw.provider.e_sqlite3 (2.1.2) - restriction: || (&& (>= monoandroid9.0) (>= net6.0)) (&& (>= net6.0) (< net6.0-tvos) (< xamarinios)) (>= net6.0-ios)
      SQLitePCLRaw.core (>= 2.1.2) - restriction: >= netstandard2.0
    SQLitePCLRaw.provider.internal (2.1.2) - restriction: || (&& (>= net6.0) (>= xamarinios)) (>= net6.0-tvos)
      SQLitePCLRaw.core (>= 2.1.2) - restriction: >= netstandard2.0
    System.Buffers (4.5.1) - restriction: || (&& (>= monoandroid) (>= net6.0) (< netstandard1.1)) (&& (< monoandroid) (>= net6.0) (< netstandard1.1)) (&& (< monoandroid) (>= net6.0) (< netstandard2.0)) (&& (>= monotouch) (>= net6.0)) (&& (>= net45) (>= net6.0) (< netstandard2.0)) (&& (>= net461) (>= net6.0)) (&& (>= net6.0) (< netcoreapp2.0)) (&& (>= net6.0) (< netstandard1.1) (>= win8)) (&& (>= net6.0) (< netstandard2.0) (>= wpa81)) (&& (>= net6.0) (>= xamarinios)) (&& (>= net6.0) (>= xamarinmac)) (&& (>= net6.0) (>= xamarintvos)) (&& (>= net6.0) (>= xamarinwatchos))
    System.CodeDom (7.0) - restriction: >= net6.0
    System.Memory (4.5.5) - restriction: >= net6.0
      System.Buffers (>= 4.5.1) - restriction: || (&& (>= monoandroid) (< netstandard1.1)) (&& (< monoandroid) (< net45) (>= netstandard1.1) (< netstandard2.0) (< win8) (< wpa81)) (&& (< monoandroid) (< netstandard1.1) (>= portable-net45+win8+wpa81) (< win8)) (>= monotouch) (&& (>= net45) (< netstandard2.0)) (&& (< net45) (< netcoreapp2.0) (>= netstandard2.0)) (>= net461) (&& (< netstandard1.1) (>= win8)) (&& (< netstandard2.0) (< uap10.1) (>= wpa81)) (>= xamarinios) (>= xamarinmac) (>= xamarintvos) (>= xamarinwatchos)
      System.Runtime.CompilerServices.Unsafe (>= 4.5.3) - restriction: || (&& (>= monoandroid) (< netstandard1.1)) (&& (< monoandroid) (< net45) (>= netstandard1.1) (< netstandard2.0) (< win8) (< wpa81)) (&& (< monoandroid) (>= netcoreapp2.0) (< netcoreapp2.1)) (&& (< monoandroid) (< netstandard1.1) (>= portable-net45+win8+wpa81) (< win8)) (>= monotouch) (&& (>= net45) (< netstandard2.0)) (&& (< net45) (< netcoreapp2.0) (>= netstandard2.0)) (>= net461) (&& (< netstandard1.1) (>= win8)) (&& (< netstandard2.0) (>= wpa81)) (>= uap10.1) (>= xamarinios) (>= xamarinmac) (>= xamarintvos) (>= xamarinwatchos)
    System.Runtime.CompilerServices.Unsafe (6.0) - restriction: || (&& (>= monoandroid) (>= net6.0) (< netstandard1.1)) (&& (< monoandroid) (>= net6.0) (< netcoreapp2.1)) (&& (< monoandroid) (>= net6.0) (< netstandard1.1)) (&& (< monoandroid) (>= net6.0) (< netstandard2.0)) (&& (>= monotouch) (>= net6.0)) (&& (>= net45) (>= net6.0) (< netstandard2.0)) (&& (>= net461) (>= net6.0)) (&& (>= net462) (>= net6.0)) (&& (>= net6.0) (< net7.0)) (&& (>= net6.0) (< netcoreapp2.0)) (&& (>= net6.0) (< netstandard1.1) (>= win8)) (&& (>= net6.0) (< netstandard2.0) (>= wpa81)) (&& (>= net6.0) (>= uap10.1)) (&& (>= net6.0) (>= xamarinios)) (&& (>= net6.0) (>= xamarinmac)) (&& (>= net6.0) (>= xamarintvos)) (&& (>= net6.0) (>= xamarinwatchos))
    System.Runtime.InteropServices.NFloat.Internal (6.0.1) - restriction: || (>= net6.0-ios) (>= net6.0-tvos)
    System.Text.Encodings.Web (7.0) - restriction: >= net6.0
      System.Runtime.CompilerServices.Unsafe (>= 6.0) - restriction: || (>= net462) (&& (>= net6.0) (< net7.0)) (&& (< net6.0) (>= netstandard2.0))
    System.Text.Json (7.0) - restriction: >= net6.0
      System.Runtime.CompilerServices.Unsafe (>= 6.0) - restriction: || (>= net462) (&& (>= net6.0) (< net7.0)) (&& (< net6.0) (>= netstandard2.0))
      System.Text.Encodings.Web (>= 7.0) - restriction: || (>= net462) (>= netstandard2.0)
